GEM
  remote: https://rubygems.org/
  specs:
    thor (1.3.2)

PLATFORMS
  arm64-darwin-23

DEPENDENCIES
  thor (~> 1.2)

BUNDLED WITH
   2.4.19
